GEM
  remote: http://rubygems.org/
  specs:
    kgio (2.11.2)
    rack (2.0.7)
    raindrops (0.19.0)
    sequel (5.25.0)
    unicorn (5.5.1)
      kgio (~> 2.6)
      raindrops (~> 0.7)

PLATFORMS
  ruby

DEPENDENCIES
  rack
  sequel
  unicorn

BUNDLED WITH
   1.17.3
